GEM
  remote: https://rubygems.org/
  specs:
    mini_portile2 (2.5.1)
    minitest (5.14.0)
    nokogiri (1.11.4)
      mini_portile2 (~> 2.5.0)
      racc (~> 1.4)
    racc (1.5.2)

PLATFORMS
  ruby

DEPENDENCIES
  minitest
  nokogiri

BUNDLED WITH
   1.17.2
