GEM
  remote: https://rubygems.org/
  specs:
    mini_portile2 (2.8.0)
    minitest (5.14.0)
    nokogiri (1.13.4)
      mini_portile2 (~> 2.8.0)
      racc (~> 1.4)
    racc (1.6.0)

PLATFORMS
  ruby

DEPENDENCIES
  minitest
  nokogiri

BUNDLED WITH
   1.17.2
